GEM
  remote: https://rubygems.org/
  specs:
    blankslate (2.1.2.4)
    parslet (1.5.0)
      blankslate (~> 2.0)
    rack (1.6.4)
    sinatra (1.1.0)
      rack (~> 1.1)
      tilt (~> 1.1)
    tilt (1.4.1)
    toml (0.1.2)
      parslet (~> 1.5.0)

PLATFORMS
  ruby

DEPENDENCIES
  sinatra (= 1.1.0)
  toml

BUNDLED WITH
   1.10.6
